PATH
  remote: .
  specs:
    em-couchdb (0.0.2)
      em-http-request (>= 1.0.2)
      eventmachine (>= 1.0.0.beta.4)
      json (>= 1.4.3)

GEM
  remote: http://rubygems.org/
  specs:
    addressable (2.2.7)
    archive-tar-minitar (0.5.2)
    columnize (0.3.3)
    cookiejar (0.3.0)
    em-http-request (1.0.2)
      addressable (>= 2.2.3)
      cookiejar
      em-socksify
      eventmachine (>= 1.0.0.beta.4)
      http_parser.rb (>= 0.5.3)
    em-socksify (0.2.0)
      eventmachine (>= 1.0.0.beta.4)
    eventmachine (1.0.0.beta.4)
    http_parser.rb (0.5.3)
    json (1.6.6)
    linecache19 (0.5.12)
      ruby_core_source (>= 0.1.4)
    ruby-debug-base19 (0.11.25)
      columnize (>= 0.3.1)
      linecache19 (>= 0.5.11)
      ruby_core_source (>= 0.1.4)
    ruby-debug19 (0.11.6)
      columnize (>= 0.3.1)
      linecache19 (>= 0.5.11)
      ruby-debug-base19 (>= 0.11.19)
    ruby_core_source (0.1.5)
      archive-tar-minitar (>= 0.5.2)

PLATFORMS
  ruby

DEPENDENCIES
  em-couchdb!
  ruby-debug19
